GEM
  remote: http://ruby.taobao.org/
  specs:
    backports (3.6.0)
    coffee-script (2.2.0)
      coffee-script-source
      execjs
    coffee-script-source (1.7.0)
    daemon_controller (1.2.0)
    execjs (2.0.2)
    haml (4.0.5)
      tilt
    libv8 (3.11.8.17)
    multi_json (1.9.3)
    passenger (4.0.53)
      daemon_controller (>= 1.2.0)
      rack
      rake (>= 0.8.1)
    rack (1.4.5)
    rack-protection (1.5.0)
      rack
    rack-test (0.6.2)
      rack (>= 1.0)
    rake (10.3.2)
    ref (1.0.5)
    sass (3.3.7)
    settingslogic (2.0.9)
    sinatra (1.4.5)
      rack (~> 1.4)
      rack-protection (~> 1.4)
      tilt (~> 1.3, >= 1.3.4)
    sinatra-contrib (1.4.2)
      backports (>= 2.0)
      multi_json
      rack-protection
      rack-test
      sinatra (~> 1.4.0)
      tilt (~> 1.3)
    sinatra-flash (0.3.0)
      sinatra (>= 1.0.0)
    therubyracer (0.11.4)
      libv8 (~> 3.11.8.12)
      ref
    tilt (1.4.1)

PLATFORMS
  ruby

DEPENDENCIES
  coffee-script (~> 2.2.0)
  haml (~> 4.0.5)
  passenger (~> 4.0.53)
  rake (~> 10.3.2)
  sass (~> 3.3.7)
  settingslogic (~> 2.0.9)
  sinatra (~> 1.4.5)
  sinatra-contrib (~> 1.4.2)
  sinatra-flash (~> 0.3.0)
  therubyracer (~> 0.11.4)
